GEM
  remote: https://rubygems.org/
  specs:
    ast (2.4.0)
    faraday (0.15.1)
      multipart-post (>= 1.2, < 3)
    multipart-post (2.0.0)
    parallel (1.12.1)
    parser (2.5.1.0)
      ast (~> 2.4.0)
    powerpack (0.1.1)
    rainbow (3.0.0)
    rubocop (0.56.0)
      parallel (~> 1.10)
      parser (>= 2.5)
      powerpack (~> 0.1)
      rainbow (>= 2.2.2, < 4.0)
      ruby-progressbar (~> 1.7)
      unicode-display_width (~> 1.0, >= 1.0.1)
    ruby-lint (2.3.1)
      parser (~> 2.2)
      slop (~> 3.4, >= 3.4.7)
    ruby-progressbar (1.9.0)
    slop (3.6.0)
    unicode-display_width (1.3.2)

PLATFORMS
  ruby

DEPENDENCIES
  faraday (~> 0.15.1)
  rubocop (~> 0.56.0)
  ruby-lint (~> 2.3)

BUNDLED WITH
   1.16.1
